GIT
  remote: git://github.com/datamapper/dm-rails
  revision: e2ee760
  specs:
    dm-rails (1.0.0)
      actionpack (~> 3.0.0.beta3)
      activesupport (~> 3.0.0.beta3)
      dm-active_model (~> 1.0.0)
      dm-core (~> 1.0.0)
      railties (~> 3.0.0.beta3)

GIT
  remote: git://github.com/jm81/dm-devise
  revision: ae26aa1
  specs:
    dm-devise (1.1.0)
      bcrypt-ruby (~> 2.1.2)
      devise
      dm-core (~> 1.0.0)
      dm-migrations (~> 1.0.0)
      dm-rails (~> 1.0.0)
      dm-serializer (~> 1.0.0)
      dm-timestamps (~> 1.0.0)
      dm-validations (~> 1.0.0)
      warden (~> 0.10.7)

GIT
  remote: http://github.com/myabc/friendly_id.git
  revision: 2243f77
  branch: datamapper
  specs:
    friendly_id (3.0.6)
      activesupport (>= 2.2)

GIT
  remote: http://github.com/myabc/friendly_id_datamapper.git
  revision: 82beaf3
  specs:
    friendly_id_datamapper (3.0.6)
      dm-core (>= 1.0.0)
      dm-validations (>= 1.0.0)
      friendly_id (~> 3.0.6)

PATH
  remote: .
  specs:
    refinerycms (0.9.8)
      refinerycms-authentication (~> 0.9.8)
      refinerycms-core (~> 0.9.8)
      refinerycms-dashboard (~> 0.9.8)
      refinerycms-images (~> 0.9.8)
      refinerycms-inquiries (~> 0.9.8)
      refinerycms-pages (~> 0.9.8)
      refinerycms-resources (~> 0.9.8)
      refinerycms-settings (~> 0.9.8)
    refinerycms-authentication (0.9.8)
      devise (~> 1.1.1)
      dm-devise (~> 1.1.0)
      refinerycms-core (~> 0.9.8)
    refinerycms-core (0.9.8)
      actionmailer (= 3.0.0.rc)
      actionpack (= 3.0.0.rc)
      activesupport (= 3.0.0.rc)
      dm-aggregates (~> 1.0.0)
      dm-ar-finders (~> 1.0.0)
      dm-constraints (~> 1.0.0)
      dm-is-tree (~> 1.0.0)
      dm-migrations (~> 1.0.0)
      dm-observer (~> 1.0.0)
      dm-rails (~> 1.0.0)
      dm-timestamps (~> 1.0.0)
      dm-transactions (~> 1.0.0)
      dm-types (~> 1.0.0)
      dm-validations (~> 1.0.0)
      friendly_id (~> 3.0.6)
      friendly_id_datamapper (~> 3.0.6)
      railties (= 3.0.0.rc)
      truncate_html (= 0.3.2)
      will_paginate (>= 3.0.pre2)
    refinerycms-dashboard (0.9.8)
      refinerycms-core (~> 0.9.8)
    refinerycms-images (0.9.8)
      dragonfly
      rack-cache
      refinerycms-core (~> 0.9.8)
      rmagick
    refinerycms-inquiries (0.9.8)
      refinerycms-core (~> 0.9.8)
    refinerycms-pages (0.9.8)
      refinerycms-core (~> 0.9.8)
    refinerycms-resources (0.9.8)
      dragonfly
      refinerycms-core (~> 0.9.8)
    refinerycms-settings (0.9.8)
      refinerycms-core (~> 0.9.8)

GEM
  remote: http://rubygems.org/
  specs:
    abstract (1.0.0)
    actionmailer (3.0.0.rc)
      actionpack (= 3.0.0.rc)
      mail (~> 2.2.5)
    actionpack (3.0.0.rc)
      activemodel (= 3.0.0.rc)
      activesupport (= 3.0.0.rc)
      builder (~> 2.1.2)
      erubis (~> 2.6.6)
      i18n (~> 0.4.1)
      rack (~> 1.2.1)
      rack-mount (~> 0.6.9)
      rack-test (~> 0.5.4)
      tzinfo (~> 0.3.22)
    activemodel (3.0.0.rc)
      activesupport (= 3.0.0.rc)
      builder (~> 2.1.2)
      i18n (~> 0.4.1)
    activesupport (3.0.0.rc)
    addressable (2.1.2)
    bcrypt-ruby (2.1.2)
    builder (2.1.2)
    capybara (0.3.9)
      culerity (>= 0.2.4)
      mime-types (>= 1.16)
      nokogiri (>= 1.3.3)
      rack (>= 1.0.0)
      rack-test (>= 0.5.4)
      selenium-webdriver (>= 0.0.3)
    configuration (1.1.0)
    cucumber (0.8.5)
      builder (~> 2.1.2)
      diff-lcs (~> 1.1.2)
      gherkin (~> 2.1.4)
      json_pure (~> 1.4.3)
      term-ansicolor (~> 1.0.4)
    cucumber-rails (0.3.2)
      cucumber (>= 0.8.0)
    culerity (0.2.10)
    data_objects (0.10.2)
      addressable (~> 2.1)
    database_cleaner (0.5.2)
    devise (1.1.1)
      bcrypt-ruby (~> 2.1.2)
      warden (~> 0.10.7)
    diff-lcs (1.1.2)
    dm-active_model (1.0.0)
      activemodel (~> 3.0.0.beta3)
      dm-core (~> 1.0.0)
    dm-aggregates (1.0.0)
      dm-core (~> 1.0.0)
    dm-ar-finders (1.0.0)
      dm-core (~> 1.0.0)
    dm-constraints (1.0.0)
      dm-core (~> 1.0.0)
      dm-migrations (~> 1.0.0)
    dm-core (1.0.0)
      addressable (~> 2.1)
      extlib (~> 0.9.15)
    dm-do-adapter (1.0.0)
      data_objects (~> 0.10.1)
      dm-core (~> 1.0.0)
    dm-is-tree (1.0.0)
      dm-core (~> 1.0.0)
    dm-migrations (1.0.0)
      dm-core (~> 1.0.0)
    dm-observer (1.0.0)
      dm-core (~> 1.0.0)
    dm-serializer (1.0.0)
      dm-core (~> 1.0.0)
      fastercsv (~> 1.5.3)
      json_pure (~> 1.4.3)
    dm-sqlite-adapter (1.0.0)
      dm-do-adapter (~> 1.0.0)
      do_sqlite3 (~> 0.10.2)
    dm-timestamps (1.0.0)
      dm-core (~> 1.0.0)
    dm-transactions (1.0.0)
      dm-core (~> 1.0.0)
    dm-types (1.0.0)
      dm-core (~> 1.0.0)
      fastercsv (~> 1.5.3)
      json_pure (~> 1.4.3)
      stringex (~> 1.1.0)
      uuidtools (~> 2.1.1)
    dm-validations (1.0.0)
      dm-core (~> 1.0.0)
    do_sqlite3 (0.10.2)
      data_objects (= 0.10.2)
    dragonfly (0.6.2)
      rack
    erubis (2.6.6)
      abstract (>= 1.0.0)
    extlib (0.9.15)
    factory_girl (1.3.2)
    fastercsv (1.5.3)
    ffi (0.6.3)
      rake (>= 0.8.7)
    gherkin (2.1.5)
      trollop (~> 1.16.2)
    hoe (2.6.1)
      rake (>= 0.8.7)
      rubyforge (>= 2.0.4)
    i18n (0.4.1)
    json_pure (1.4.6)
    launchy (0.3.7)
      configuration (>= 0.0.5)
      rake (>= 0.8.1)
    mail (2.2.5)
      activesupport (>= 2.3.6)
      mime-types
      treetop (>= 1.4.5)
    mime-types (1.16)
    nokogiri (1.4.3.1)
    polyglot (0.3.1)
    rack (1.2.1)
    rack-cache (0.5.2)
      rack (>= 0.4)
    rack-mount (0.6.9)
      rack (>= 1.0.0)
    rack-test (0.5.4)
      rack (>= 1.0)
    railties (3.0.0.rc)
      actionpack (= 3.0.0.rc)
      activesupport (= 3.0.0.rc)
      rake (>= 0.8.3)
      thor (~> 0.14.0)
    rake (0.8.7)
    rmagick (2.12.2)
    routing-filter (0.1.6)
      actionpack
    rspec (2.0.0.beta.19)
      rspec-core (= 2.0.0.beta.19)
      rspec-expectations (= 2.0.0.beta.19)
      rspec-mocks (= 2.0.0.beta.19)
    rspec-core (2.0.0.beta.19)
    rspec-expectations (2.0.0.beta.19)
      diff-lcs (>= 1.1.2)
    rspec-mocks (2.0.0.beta.19)
    rspec-rails (2.0.0.beta.19)
      rspec (= 2.0.0.beta.19)
      webrat (>= 0.7.2.beta.1)
    ruby-prof (0.8.2)
    rubyforge (2.0.4)
      json_pure (>= 1.1.7)
    rubyzip (0.9.4)
    selenium-webdriver (0.0.27)
      ffi (>= 0.6.1)
      json_pure
      rubyzip
    spork (0.8.4)
    stringex (1.1.0)
    term-ansicolor (1.0.5)
    test-unit (1.2.3)
      hoe (>= 1.5.1)
    thor (0.14.0)
    treetop (1.4.8)
      polyglot (>= 0.3.1)
    trollop (1.16.2)
    truncate_html (0.3.2)
    tzinfo (0.3.22)
    uuidtools (2.1.1)
    warden (0.10.7)
      rack (>= 1.0.0)
    webrat (0.7.2.beta.1)
      nokogiri (>= 1.2.0)
      rack (>= 1.0)
      rack-test (>= 0.5.3)
    will_paginate (3.0.pre2)

PLATFORMS
  ruby

DEPENDENCIES
  capybara
  cucumber
  cucumber-rails
  database_cleaner
  dm-devise (~> 1.1.0)!
  dm-rails (~> 1.0.0)!
  dm-sqlite-adapter (~> 1.0.0)
  factory_girl
  friendly_id (~> 3.0.6)!
  friendly_id_datamapper (~> 3.0.6)!
  gherkin
  json_pure (= 1.4.6)
  launchy
  refinerycms (= 0.9.8)!
  rmagick (~> 2.12.0)
  routing-filter
  rspec (~> 2.0.0.beta.19)
  rspec-core (~> 2.0.0.beta.19)
  rspec-expectations (~> 2.0.0.beta.19)
  rspec-mocks (~> 2.0.0.beta.19)
  rspec-rails (~> 2.0.0.beta.19)
  ruby-prof
  spork
  test-unit (= 1.2.3)
